GIT
  remote: https://github.com/rodjek/puppet-lint.git
  revision: 424b18ff341e46cd6c792d5dc7f618d147d026f5
  branch: master
  specs:
    puppet-lint (1.1.0)

GEM
  remote: https://rubygems.org/
  specs:
    CFPropertyList (2.2.8)
    builder (3.2.2)
    bundler-unload (1.0.2)
    ci_reporter (2.0.0)
      builder (>= 2.1.2)
    colored (1.2)
    colorize (0.7.3)
    cri (2.5.0)
      colored (~> 1.2)
    diff-lcs (1.2.5)
    facter (2.2.0)
      CFPropertyList (~> 2.2.6)
    faraday (0.8.9)
      multipart-post (~> 1.2.0)
    faraday_middleware (0.9.1)
      faraday (>= 0.7.4, < 0.10)
    faraday_middleware-multi_json (0.0.6)
      faraday_middleware
      multi_json
    fuubar (1.3.3)
      rspec (>= 2.14.0, < 3.1.0)
      ruby-progressbar (~> 1.4)
    gpgme (2.0.7)
      mini_portile (>= 0.5.0, <= 0.6.0)
    hiera (1.3.4)
      json_pure
    hiera-gpg (1.1.0)
      gpgme (>= 2.0.0)
      hiera (>= 0.2.0)
    hiera-puppet (1.0.0)
      hiera (~> 1.0)
    highline (1.6.21)
    json (1.8.1)
    json_pure (1.8.1)
    log4r (1.1.10)
    metaclass (0.0.4)
    mini_portile (0.6.0)
    minitest (5.4.2)
    mocha (1.1.0)
      metaclass (~> 0.0.1)
    multi_json (1.8.4)
    multipart-post (1.2.0)
    net-scp (1.2.1)
      net-ssh (>= 2.6.5)
    net-ssh (2.9.1)
    os (0.9.6)
    parallel (1.3.3)
    parallel_tests (1.0.7)
      parallel
    power_assert (0.1.4)
    puppet (3.7.1)
      facter (> 1.6, < 3)
      hiera (~> 1.0)
      json_pure
    puppet-syntax (1.3.0)
      rake
    puppetlabs_spec_helper (0.8.2)
      mocha
      puppet-lint
      puppet-syntax
      rake
      rspec
      rspec-puppet
    r10k (1.3.4)
      colored (>= 1.2)
      cri (~> 2.5.0)
      faraday (~> 0.8.8)
      faraday_middleware (~> 0.9.0)
      faraday_middleware-multi_json (~> 0.0.5)
      json_pure (~> 1.8.1)
      log4r (>= 1.1.10)
      multi_json (~> 1.8.2)
      systemu (~> 2.5.2)
    rake (10.3.2)
    rdoc (4.1.2)
      json (~> 1.4)
    rgen (0.7.0)
    rspec (2.99.0)
      rspec-core (~> 2.99.0)
      rspec-expectations (~> 2.99.0)
      rspec-mocks (~> 2.99.0)
    rspec-core (2.99.2)
    rspec-expectations (2.99.2)
      diff-lcs (>= 1.1.3, < 2.0)
    rspec-hiera-puppet (1.0.0)
      hiera (>= 1.0)
      hiera-puppet (>= 1.0)
      puppet (>= 3.0)
      rspec
      rspec-puppet
    rspec-mocks (2.99.2)
    rspec-puppet (1.0.1)
      rspec
    rspec_junit_formatter (0.1.6)
      builder
      rspec (~> 2.0)
      rspec-core (!= 2.12.0)
    ruby-progressbar (1.6.0)
    systemu (2.5.2)
    test-unit (3.0.1)
      power_assert

PLATFORMS
  ruby

DEPENDENCIES
  bundler
  bundler-unload
  ci_reporter
  colorize
  facter
  fuubar
  hiera
  hiera-gpg
  highline
  json
  json_pure
  minitest
  net-scp
  net-ssh
  os
  parallel_tests
  puppet
  puppet-lint!
  puppetlabs_spec_helper
  r10k
  rake
  rdoc
  rgen
  rspec (~> 2.0)
  rspec-hiera-puppet
  rspec-puppet
  rspec_junit_formatter (~> 0.1.6)
  test-unit
